GEM
  remote: https://gems.ruby-china.com/
  specs:
    domain_name (0.5.20190701)
      unf (>= 0.0.5, < 1.0.0)
    e2mmap (0.1.0)
    faraday (1.0.1)
      multipart-post (>= 1.2, < 3)
    faraday-cookie_jar (0.0.6)
      faraday (>= 0.7.4)
      http-cookie (~> 1.0.0)
    faraday_middleware (1.0.0)
      faraday (~> 1.0)
    http-cookie (1.0.3)
      domain_name (~> 0.5)
    msgpack (1.3.3)
    multipart-post (2.1.1)
    rainbow (3.0.0)
    ruby-progressbar (1.10.1)
    thwait (0.2.0)
      e2mmap
    unf (0.1.4)
      unf_ext
    unf_ext (0.0.7.7)

PLATFORMS
  ruby

DEPENDENCIES
  faraday-cookie_jar (>= 0.0.6)
  faraday_middleware (>= 0.12.2)
  msgpack (>= 1.2.6)
  rainbow (>= 3.0.0)
  ruby-progressbar (>= 1.10.0)
  thwait

BUNDLED WITH
   1.17.3
